GEM
  specs:
    addressable (2.2.6)
    faraday (0.6.1)
      addressable (~> 2.2.4)
      multipart-post (~> 1.1.0)
      rack (< 2, >= 1.1.0)
    json (1.5.1)
    multi_json (1.0.2)
    multipart-post (1.1.1)
    oauth2 (0.4.1)
      faraday (~> 0.6.1)
      multi_json (>= 0.0.5)
    rack (1.2.2)
    rack-test (0.6.0)
      rack (>= 1.0)
    sinatra (1.2.3)
      rack (~> 1.1)
      tilt (< 2.0, >= 1.2.2)
    tilt (1.2.2)

PLATFORMS
  ruby

DEPENDENCIES
  bundler (= 1.0.12)
  json (= 1.5.1)
  oauth2 (= 0.4.1)
  rack-test (= 0.6.0)
  sinatra (= 1.2.3)
