GEM
  remote: http://rubygems.org/
  specs:
    addressable (2.2.6)
    coderay (1.0.5)
    faraday (0.7.6)
      addressable (~> 2.2)
      multipart-post (~> 1.1)
      rack (~> 1.1)
    json (1.6.5)
    method_source (0.7.0)
    multi_json (1.0.4)
    multipart-post (1.1.5)
    oauth2 (0.5.2)
      faraday (~> 0.7)
      multi_json (~> 1.0)
    pry (0.9.8)
      coderay (~> 1.0.5)
      method_source (~> 0.7)
      slop (>= 2.4.3, < 3)
    rack (1.4.1)
    rack-protection (1.2.0)
      rack
    rack-test (0.6.1)
      rack (>= 1.0)
    sinatra (1.3.2)
      rack (~> 1.3, >= 1.3.6)
      rack-protection (~> 1.2)
      tilt (~> 1.3, >= 1.3.3)
    slop (2.4.3)
    tilt (1.3.3)

PLATFORMS
  ruby

DEPENDENCIES
  json
  oauth2
  pry
  rack-test
  sinatra
